NUGET
  remote: https://www.nuget.org/api/v2
    FAKE (4.45.2)
    FSharp.Core (4.0.0.1)
    Mono.Data.Sqlite.Portable (1.0.3.5)
    SQLProvider (1.0.37)
    Suave (1.1.3)
      FSharp.Core (>= 3.1.2.5)
